PATH
  remote: .
  specs:
    boom (0.2.4)
      yajl-ruby (~> 1.1.0)

GEM
  remote: http://rubygems.org/
  specs:
    mocha (0.9.12)
    rake (0.9.2)
    yajl-ruby (1.1.0)

PLATFORMS
  ruby

DEPENDENCIES
  boom!
  mocha (~> 0.9.9)
  rake (~> 0.9.2)
